PATH
  remote: .
  specs:
    fast_slice (1.0.0)

GEM
  remote: https://rubygems.org/
  specs:
    minitest (5.10.3)
    rake (12.1.0)
    rake-compiler (1.0.4)
      rake

PLATFORMS
  ruby

DEPENDENCIES
  fast_slice!
  minitest
  rake-compiler

BUNDLED WITH
   1.15.4
